GIT
  remote: git://github.com/Course-Master/batch_api.git
  revision: 7d6255759cac96e3472b7acf56e93742a768edf9
  specs:
    batch_api (0.2.1)
      middleware

GIT
  remote: git://github.com/Course-Master/foundation-rails.git
  revision: 465f95b18d095eeb5e829715b90aca869e79a45b
  branch: version-5.5.3.2
  specs:
    foundation-rails (5.5.3.2)
      railties (>= 3.1.0)
      sass (>= 3.3.0, < 3.5)

GIT
  remote: git://github.com/Course-Master/omniauth-facebook-access-token.git
  revision: 72d0f24290c19b5e321d3f4a9a03d27a7797ec33
  specs:
    omniauth-facebook-access-token (0.1.4)
      oauth2 (~> 0.9.3)
      omniauth (~> 1.2)

GIT
  remote: git://github.com/Course-Master/omniauth-linkedin-access-token.git
  revision: 03660545bfce46517e52e4f2d9c499e2b6a049b1
  specs:
    omniauth-linkedin-access-token (0.1.4)
      oauth2 (~> 0.9.3)
      omniauth (~> 1.2)

GIT
  remote: git://github.com/Course-Master/omniauth-salesforce.git
  revision: 7a3e3999b736616cc37344d3fd97ef5af06df5fd
  specs:
    omniauth-salesforce (1.0.4)
      omniauth (~> 1.0)
      omniauth-oauth2 (~> 1.0)

GIT
  remote: git://github.com/Course-Master/omniauth-salesforce.git
  revision: e361b2a9b29f10ab9c089d38ca2ab57d7c0a5a68
  branch: salesforce-developers
  specs:
    omniauth-salesforcedevelopers (1.0.4)
      omniauth (~> 1.0)
      omniauth-oauth2 (~> 1.0)

GIT
  remote: git://github.com/Course-Master/omniauth-salesforce.git
  revision: e299d714fc02fbe9402b535a0b308a4737b74338
  branch: salesforce-partners
  specs:
    omniauth-salesforcepartners (1.0.4)
      omniauth (~> 1.0)
      omniauth-oauth2 (~> 1.0)

GIT
  remote: git://github.com/Course-Master/omniauth-salesforce.git
  revision: 8a2bf37d87972f04cc412ce644cce8d9981af08c
  branch: salesforce-users
  specs:
    omniauth-salesforceusers (1.0.4)
      omniauth (~> 1.0)
      omniauth-oauth2 (~> 1.0)

GIT
  remote: git://github.com/Course-Master/paranoia.git
  revision: 48a4a47b534ac3a55dd8ca3850d2ae97a10f7f67
  branch: destroy-patch
  specs:
    paranoia (2.1.3)
      activerecord (~> 4.0)

GIT
  remote: git://github.com/edcast/after_party-1.git
  revision: 04ff51cbd0ecd649c8032f9133e1daa3339fda8a
  specs:
    after_party (1.10.0)

GIT
  remote: https://705a7f0edaad7fab3c9795e96627c65f6c55a6c8:x-oauth-basic@github.com/Course-Master/edcast-shared.git
  revision: cac7fb4f40c5aa1fbc923d537405ea9f2327f25c
  branch: without_async_bugsnag
  specs:
    edcast_shared (0.3.4)
      bugsnag
      celluloid
      rails
      sneakers
      sucker_punch

GEM
  remote: https://rubygems.org/
  specs:
    aasm (4.9.0)
    actionmailer (4.2.7)
      actionpack (= 4.2.7)
      actionview (= 4.2.7)
      activejob (= 4.2.7)
      mail (~> 2.5, >= 2.5.4)
      rails-dom-testing (~> 1.0, >= 1.0.5)
    actionpack (4.2.7)
      actionview (= 4.2.7)
      activesupport (= 4.2.7)
      rack (~> 1.6)
      rack-test (~> 0.6.2)
      rails-dom-testing (~> 1.0, >= 1.0.5)
      rails-html-sanitizer (~> 1.0, >= 1.0.2)
    actionview (4.2.7)
      activesupport (= 4.2.7)
      builder (~> 3.1)
      erubis (~> 2.7.0)
      rails-dom-testing (~> 1.0, >= 1.0.5)
      rails-html-sanitizer (~> 1.0, >= 1.0.2)
    activejob (4.2.7)
      activesupport (= 4.2.7)
      globalid (>= 0.3.0)
    activemodel (4.2.7)
      activesupport (= 4.2.7)
      builder (~> 3.1)
    activerecord (4.2.7)
      activemodel (= 4.2.7)
      activesupport (= 4.2.7)
      arel (~> 6.0)
    activerecord-import (0.16.2)
      activerecord (>= 3.2)
    activesupport (4.2.7)
      i18n (~> 0.7)
      json (~> 1.7, >= 1.7.7)
      minitest (~> 5.1)
      thread_safe (~> 0.3, >= 0.3.4)
      tzinfo (~> 1.1)
    acts_as_list (0.9.7)
      activerecord (>= 3.0)
    addressable (2.3.6)
    amq-protocol (2.1.0)
    angular-rails-templates (0.1.3)
      railties (>= 3.1)
      sprockets
      tilt
    angularjs-rails (1.2.16)
    annotate (2.7.2)
      activerecord (>= 3.2, < 6.0)
      rake (>= 10.4, < 13.0)
    apipie-rails (0.3.6)
      json
    ar-octopus (0.9.2)
      activerecord (>= 4.0.0)
      activesupport (>= 4.0.0)
    ar_transaction_changes (1.0.2)
      activerecord (>= 3.0, < 5.0)
    arel (6.0.4)
    ast (2.3.0)
    attr_required (1.0.0)
    autoparse (0.3.3)
      addressable (>= 2.3.1)
      extlib (>= 0.9.15)
      multi_json (>= 1.0.0)
    aws-sdk (2.3.4)
      aws-sdk-resources (= 2.3.4)
    aws-sdk-core (2.3.4)
      jmespath (~> 1.0)
    aws-sdk-resources (2.3.4)
      aws-sdk-core (= 2.3.4)
    aws-sdk-v1 (1.64.0)
      json (~> 1.4)
      nokogiri (>= 1.4.4)
    aws_cf_signer (0.1.3)
    axiom-types (0.1.1)
      descendants_tracker (~> 0.0.4)
      ice_nine (~> 0.11.0)
      thread_safe (~> 0.3, >= 0.3.1)
    babel-source (5.8.34)
    babel-transpiler (0.7.0)
      babel-source (>= 4.0, < 6)
      execjs (~> 2.0)
    bcrypt (3.1.10)
    braintree (2.83.0)
      builder (>= 2.0.0)
    brakeman (4.3.1)
    browser (0.8.0)
    browserify-rails (1.1.0)
      railties (>= 4.0.0, < 5.0)
    bson (4.3.0)
    bugsnag (3.0.0)
      json (~> 1.7, >= 1.7.7)
    builder (3.2.3)
    bulk_insert (1.6.0)
      activerecord (>= 4.1.0)
    bullet (5.7.5)
      activesupport (>= 3.0.0)
      uniform_notifier (~> 1.11.0)
    bunny (2.6.4)
      amq-protocol (>= 2.0.1)
    byebug (9.0.6)
    capybara (2.2.1)
      mime-types (>= 1.16)
      nokogiri (>= 1.3.3)
      rack (>= 1.0.0)
      rack-test (>= 0.5.4)
      xpath (~> 2.0)
    capybara-angular (0.0.4)
      capybara
    celluloid (0.17.3)
      celluloid-essentials
      celluloid-extras
      celluloid-fsm
      celluloid-pool
      celluloid-supervision
      timers (>= 4.1.1)
    celluloid-essentials (0.20.5)
      timers (>= 4.1.1)
    celluloid-extras (0.20.5)
      timers (>= 4.1.1)
    celluloid-fsm (0.20.5)
      timers (>= 4.1.1)
    celluloid-pool (0.20.5)
      timers (>= 4.1.1)
    celluloid-supervision (0.20.6)
      timers (>= 4.1.1)
    childprocess (0.5.3)
      ffi (~> 1.0, >= 1.0.11)
    choice (0.1.6)
    chunky_png (1.3.5)
    cityhash (0.8.1)
    climate_control (0.0.3)
      activesupport (>= 3.0)
    cliver (0.3.2)
    clockwork (1.2.0)
      activesupport
      tzinfo
    cloudinary (1.8.2)
      aws_cf_signer
      rest-client
    cocaine (0.5.7)
      climate_control (>= 0.0.3, < 1.0)
    codacy-coverage (1.1.8)
      simplecov
    coercible (1.0.0)
      descendants_tracker (~> 0.0.1)
    coffee-script-source (1.9.1)
    colorize (0.7.7)
    compass (1.0.3)
      chunky_png (~> 1.2)
      compass-core (~> 1.0.2)
      compass-import-once (~> 1.0.5)
      rb-fsevent (>= 0.9.3)
      rb-inotify (>= 0.9)
      sass (>= 3.3.13, < 3.5)
    compass-core (1.0.3)
      multi_json (~> 1.0)
      sass (>= 3.3.0, < 3.5)
    compass-import-once (1.0.5)
      sass (>= 3.2, < 3.5)
    compass-rails (2.0.5)
      compass (~> 1.0.0)
      sass-rails (< 5.1)
      sprockets (< 2.13)
    concurrent-ruby (1.0.5)
    connection_pool (2.2.0)
    coveralls (0.7.1)
      multi_json (~> 1.3)
      rest-client
      simplecov (>= 0.7)
      term-ansicolor
      thor
    crack (0.4.2)
      safe_yaml (~> 1.0.0)
    crass (1.0.4)
    cucumber (1.3.14)
      builder (>= 2.1.2)
      diff-lcs (>= 1.1.3)
      gherkin (~> 2.12)
      multi_json (>= 1.7.5, < 2.0)
      multi_test (>= 0.1.1)
    cucumber-rails (1.4.0)
      capybara (>= 1.1.2)
      cucumber (>= 1.2.0)
      nokogiri (>= 1.5.0)
      rails (>= 3.0.0)
    curb (0.8.6)
    daemons (1.2.6)
    dalli (2.7.5)
    dalli-elasticache (0.1.2)
      dalli (>= 1.0.0)
    database_cleaner (1.2.0)
    deep_cloneable (2.3.2)
      activerecord (>= 3.1.0, < 6)
    delayed_paperclip (3.0.1)
      activejob (>= 4.2)
      paperclip (>= 3.3)
    descendants_tracker (0.0.4)
      thread_safe (~> 0.3, >= 0.3.1)
    devise (3.5.1)
      bcrypt (~> 3.0)
      orm_adapter (~> 0.1)
      railties (>= 3.2.6, < 5)
      responders
      thread_safe (~> 0.1)
      warden (~> 1.2.3)
    diff-lcs (1.2.5)
    digest-crc (0.4.1)
    docile (1.3.1)
    domain_name (0.5.20170404)
      unf (>= 0.0.5, < 1.0.0)
    doorkeeper (4.4.1)
      railties (>= 4.2)
    elasticsearch (6.1.0)
      elasticsearch-api (= 6.1.0)
      elasticsearch-transport (= 6.1.0)
    elasticsearch-api (6.1.0)
      multi_json
    elasticsearch-model (0.1.7)
      activesupport (> 3)
      elasticsearch (> 0.4)
      hashie
    elasticsearch-persistence (0.1.7)
      activemodel (> 3)
      activesupport (> 3)
      elasticsearch (> 0.4)
      elasticsearch-model (>= 0.1)
      hashie
      virtus
    elasticsearch-rails (0.1.9)
    elasticsearch-transport (6.1.0)
      faraday
      multi_json
    equalizer (0.0.11)
    erubis (2.7.0)
    eventmachine (1.0.8)
    excon (0.45.4)
    execjs (2.7.0)
    extlib (0.9.16)
    factory_girl (4.5.0)
      activesupport (>= 3.0.0)
    factory_girl_rails (4.5.0)
      factory_girl (~> 4.5.0)
      railties (>= 3.0.0)
    faker (1.4.3)
      i18n (~> 0.5)
    faraday (0.9.2)
      multipart-post (>= 1.2, < 3)
    faraday_middleware (0.9.1)
      faraday (>= 0.7.4, < 0.10)
    fastimage (2.1.4)
    fb_graph (2.7.17)
      httpclient (>= 2.4)
      multi_json (>= 1.3)
      rack-oauth2 (>= 0.14.4)
      tzinfo
    ffi (1.9.3)
    flamegraph (0.9.5)
    fog-aws (0.7.3)
      fog-core (~> 1.27)
      fog-json (~> 1.0)
      fog-xml (~> 0.1)
      ipaddress (~> 0.8)
    fog-core (1.32.0)
      builder
      excon (~> 0.45)
      formatador (~> 0.2)
      mime-types
      net-scp (~> 1.1)
      net-ssh (>= 2.1.3)
    fog-json (1.0.2)
      fog-core (~> 1.0)
      multi_json (~> 1.10)
    fog-xml (0.1.2)
      fog-core
      nokogiri (~> 1.5, >= 1.5.11)
    font_assets (0.1.11)
      rack
    formatador (0.2.5)
    foundation-icons-sass-rails (3.0.0)
      railties (>= 3.1.1)
      sass-rails (>= 3.1.1)
    friendly_id (5.1.0)
      activerecord (>= 4.0.0)
    gcloud (0.10.0)
      digest-crc (~> 0.4)
      google-api-client (~> 0.8.3)
      google-protobuf (= 3.0.0.alpha.5.0.5.1)
      grpc (~> 0.13.1)
      mime-types (~> 2.4)
      zonefile (~> 1.04)
    gherkin (2.12.2)
      multi_json (~> 1.3)
    globalid (0.3.7)
      activesupport (>= 4.1.0)
    google-api-client (0.8.6)
      activesupport (>= 3.2)
      addressable (~> 2.3)
      autoparse (~> 0.3)
      extlib (~> 0.9)
      faraday (~> 0.9)
      googleauth (~> 0.3)
      launchy (~> 2.4)
      multi_json (~> 1.10)
      retriable (~> 1.4)
      signet (~> 0.6)
    google-protobuf (3.0.0.alpha.5.0.5.1)
    googleauth (0.5.1)
      faraday (~> 0.9)
      jwt (~> 1.4)
      logging (~> 2.0)
      memoist (~> 0.12)
      multi_json (~> 1.11)
      os (~> 0.9)
      signet (~> 0.7)
    graphiql-rails (1.4.4)
      rails
    graphql (1.6.8)
    grpc (0.13.1)
      google-protobuf (~> 3.0.0.alpha.5.0.3)
      googleauth (~> 0.5.1)
    haml (4.0.6)
      tilt
    hashdiff (0.2.2)
    hashie (2.0.5)
    hike (1.2.3)
    hitimes (1.2.4)
    htmlentities (4.3.4)
    http-cookie (1.0.3)
      domain_name (~> 0.5)
    httpclient (2.5.0)
    i18n (0.9.5)
      concurrent-ruby (~> 1.0)
    icalendar (2.0.1)
    ice_nine (0.11.1)
    identity_cache (0.3.1)
      activerecord (>= 4.0.4)
      ar_transaction_changes (~> 1.0)
    ims-lti (1.1.4)
      builder
      oauth (~> 0.4.5)
      uuid
    indefinite_article (0.2.0)
      activesupport
    influxdb (0.5.3)
    ipaddress (0.8.3)
    jbuilder (2.3.1)
      activesupport (>= 3.0.0, < 5)
      multi_json (~> 1.2)
    jmespath (1.2.4)
      json_pure (>= 1.8.1)
    jquery-fileupload-rails (0.4.6)
      actionpack (>= 3.1)
      railties (>= 3.1)
      sass (>= 3.2)
    jquery-rails (4.3.1)
      rails-dom-testing (>= 1, < 3)
      railties (>= 4.2.0)
      thor (>= 0.14, < 2.0)
    json (1.8.6)
    json_pure (1.8.3)
    jwt (1.5.2)
    koala (1.10.1)
      addressable
      faraday
      multi_json
    launchy (2.4.2)
      addressable (~> 2.3)
    libv8 (3.16.14.15)
    linkedin-oauth2 (0.1.1)
      hashie (>= 1.2, < 2.1)
      multi_json (~> 1.0)
      oauth2 (~> 0.8)
    little-plugger (1.1.4)
    logging (2.1.0)
      little-plugger (~> 1.1)
      multi_json (~> 1.10)
    lograge (0.3.4)
      actionpack (>= 3)
      activesupport (>= 3)
      railties (>= 3)
    loofah (2.2.2)
      crass (~> 1.0.2)
      nokogiri (>= 1.5.9)
    macaddr (1.7.1)
      systemu (~> 2.6.2)
    mail (2.6.4)
      mime-types (>= 1.16, < 4)
    mandrill-api (1.0.53)
      excon (>= 0.16.0, < 1.0)
      json (>= 1.7.7, < 2.0)
    memoist (0.14.0)
    memory_profiler (0.9.6)
    metaclass (0.0.4)
    middleware (0.1.0)
    mime-types (2.99.3)
    mimemagic (0.3.0)
    mini_portile2 (2.3.0)
    minitest (5.11.3)
    minitest-line (0.6.4)
      minitest (~> 5.0)
    minitest-test_profile (0.2.1)
      coveralls
      minitest
    mocha (1.0.0)
      metaclass (~> 0.0.1)
    mongo (2.5.1)
      bson (>= 4.3.0, < 5.0.0)
    msgpack (1.0.2)
    multi_json (1.13.1)
    multi_test (0.1.1)
    multi_xml (0.5.5)
    multipart-post (2.0.0)
    mysql2 (0.3.18)
    net-http-persistent (2.9.4)
    net-scp (1.2.1)
      net-ssh (>= 2.6.5)
    net-ssh (2.9.2)
    netrc (0.11.0)
    newrelic_rpm (5.3.0.346)
    nokogiri (1.8.4)
      mini_portile2 (~> 2.3.0)
    nokogumbo (1.5.0)
      nokogiri
    oauth (0.4.7)
    oauth2 (0.9.4)
      faraday (>= 0.8, < 0.10)
      jwt (~> 1.0)
      multi_json (~> 1.3)
      multi_xml (~> 0.5)
      rack (~> 1.2)
    oj (2.17.4)
    oj_mimic_json (1.0.1)
    okcomputer (0.7.1)
    omniauth (1.4.3)
      hashie (>= 1.2, < 4)
      rack (>= 1.6.2, < 3)
    omniauth-facebook (1.6.0)
      omniauth-oauth2 (~> 1.1)
    omniauth-google-oauth2 (0.2.6)
      omniauth (> 1.0)
      omniauth-oauth2 (~> 1.1)
    omniauth-linkedin-oauth2 (0.1.5)
      omniauth (~> 1.0)
      omniauth-oauth2
    omniauth-microsoft-office365 (0.0.7)
      omniauth
      omniauth-oauth2
    omniauth-oauth (1.0.1)
      oauth
      omniauth (~> 1.0)
    omniauth-oauth2 (1.1.2)
      faraday (>= 0.8, < 0.10)
      multi_json (~> 1.3)
      oauth2 (~> 0.9.3)
      omniauth (~> 1.2)
    omniauth-saml (1.5.0)
      omniauth (~> 1.3)
      ruby-saml (~> 1.1, >= 1.1.1)
    omniauth-twitter (1.0.1)
      multi_json (~> 1.3)
      omniauth-oauth (~> 1.0)
    open_uri_redirections (0.1.4)
    orm_adapter (0.5.0)
    os (0.9.6)
    paper_trail (8.1.1)
      activerecord (>= 4.2, < 5.2)
      request_store (~> 1.1)
    paperclip (4.3.0)
      activemodel (>= 3.2.0)
      activesupport (>= 3.2.0)
      cocaine (~> 0.5.5)
      mime-types
      mimemagic (= 0.3.0)
    parallel (1.11.1)
    parallel_tests (2.14.1)
      parallel
    parser (2.4.0.0)
      ast (~> 2.2)
    paypal-sdk-rest (1.7.2)
      multi_json (~> 1.0)
      xml-simple
    poltergeist (1.5.0)
      capybara (~> 2.1)
      cliver (~> 0.3.1)
      multi_json (~> 1.0)
      websocket-driver (>= 0.2.0)
    powerpack (0.1.1)
    pubnub (3.7.7)
      eventmachine (~> 1.0)
      json (~> 1.8)
      net-http-persistent (~> 2.9)
    puma (3.6.2)
    quiet_assets (1.0.3)
      railties (>= 3.1, < 5.0)
    rack (1.6.10)
    rack-accept (0.4.5)
      rack (>= 0.4)
    rack-cors (1.0.2)
    rack-mini-profiler (0.10.1)
      rack (>= 1.2.0)
    rack-oauth2 (1.0.8)
      activesupport (>= 2.3)
      attr_required (>= 0.0.5)
      httpclient (>= 2.2.0.2)
      multi_json (>= 1.3.6)
      rack (>= 1.1)
    rack-protection (2.0.1)
      rack
    rack-test (0.6.3)
      rack (>= 1.0)
    rails (4.2.7)
      actionmailer (= 4.2.7)
      actionpack (= 4.2.7)
      actionview (= 4.2.7)
      activejob (= 4.2.7)
      activemodel (= 4.2.7)
      activerecord (= 4.2.7)
      activesupport (= 4.2.7)
      bundler (>= 1.3.0, < 2.0)
      railties (= 4.2.7)
      sprockets-rails
    rails-deprecated_sanitizer (1.0.3)
      activesupport (>= 4.2.0.alpha)
    rails-dom-testing (1.0.9)
      activesupport (>= 4.2.0, < 5.0)
      nokogiri (~> 1.6)
      rails-deprecated_sanitizer (>= 1.0.1)
    rails-erd (1.1.0)
      activerecord (>= 3.0)
      activesupport (>= 3.0)
      choice (~> 0.1.6)
      ruby-graphviz (~> 1.0.4)
    rails-html-sanitizer (1.0.4)
      loofah (~> 2.2, >= 2.2.2)
    rails_12factor (0.0.3)
      rails_serve_static_assets
      rails_stdout_logging
    rails_serve_static_assets (0.0.4)
    rails_stdout_logging (0.0.3)
    railties (4.2.7)
      actionpack (= 4.2.7)
      activesupport (= 4.2.7)
      rake (>= 0.8.7)
      thor (>= 0.18.1, < 2.0)
    rainbow (2.2.2)
      rake
    rake (12.3.1)
    rb-fsevent (0.9.6)
    rb-inotify (0.9.5)
      ffi (>= 0.5.0)
    rbtrace (0.4.8)
      ffi (>= 1.0.6)
      msgpack (>= 0.4.3)
      trollop (>= 1.16.2)
    rdoc (4.1.1)
      json (~> 1.4)
    react-rails (1.5.0)
      babel-transpiler (>= 0.7.0)
      coffee-script-source (~> 1.8)
      connection_pool
      execjs
      rails (>= 3.2)
      tilt
    recursive-open-struct (1.0.5)
    redcarpet (3.4.0)
    redis (3.3.3)
    ref (2.0.0)
    request_store (1.3.2)
    responders (2.1.0)
      railties (>= 4.2.0, < 5)
    rest-client (2.0.2)
      http-cookie (>= 1.0.2, < 2.0)
      mime-types (>= 1.16, < 4.0)
      netrc (~> 0.8)
    retriable (1.4.1)
    rmagick (2.16.0)
    rubocop (0.48.1)
      parser (>= 2.3.3.1, < 3.0)
      powerpack (~> 0.1)
      rainbow (>= 1.99.1, < 3.0)
      ruby-progressbar (~> 1.7)
      unicode-display_width (~> 1.0, >= 1.0.1)
    ruby-graphviz (1.0.9)
    ruby-progressbar (1.8.1)
    ruby-saml (1.1.2)
      nokogiri (>= 1.5.10)
      uuid (~> 2.3)
    rubyzip (1.2.1)
    safe_yaml (1.0.4)
    sanitize (4.6.4)
      crass (~> 1.0.2)
      nokogiri (>= 1.4.4)
      nokogumbo (~> 1.4)
    sass (3.4.19)
    sass-rails (5.0.4)
      railties (>= 4.0.0, < 5.0)
      sass (~> 3.1)
      sprockets (>= 2.8, < 4.0)
      sprockets-rails (>= 2.0, < 4.0)
      tilt (>= 1.1, < 3)
    scorm_cloud (0.0.6)
      multipart-post
    sdoc (0.4.0)
      json (~> 1.8)
      rdoc (~> 4.0, < 5.0)
    searchkick (2.0.0)
      activemodel (>= 4.1)
      elasticsearch (>= 1)
      hashie
    selenium-webdriver (2.41.0)
      childprocess (>= 0.5.0)
      multi_json (~> 1.0)
      rubyzip (~> 1.0)
      websocket (~> 1.0.4)
    serverengine (1.5.11)
      sigdump (~> 0.2.2)
    settingslogic (2.0.9)
    shortener (0.3.1)
      rails (>= 3.0.7)
    shoulda (3.5.0)
      shoulda-context (~> 1.0, >= 1.0.1)
      shoulda-matchers (>= 1.4.1, < 3.0)
    shoulda-context (1.2.1)
    shoulda-matchers (2.8.0)
      activesupport (>= 3.0.0)
    sidekiq (4.2.9)
      concurrent-ruby (~> 1.0)
      connection_pool (~> 2.2, >= 2.2.0)
      rack-protection (>= 1.5.0)
      redis (~> 3.2, >= 3.2.1)
    sidekiq-failures (0.4.5)
      sidekiq (>= 2.16.0)
    sigdump (0.2.4)
    signet (0.7.2)
      addressable (~> 2.3)
      faraday (~> 0.9)
      jwt (~> 1.5)
      multi_json (~> 1.10)
    simple_form (3.1.0)
      actionpack (~> 4.0)
      activemodel (~> 4.0)
    simplecov (0.16.1)
      docile (~> 1.1)
      json (>= 1.8, < 3)
      simplecov-html (~> 0.10.0)
    simplecov-html (0.10.2)
    slim (3.0.6)
      temple (~> 0.7.3)
      tilt (>= 1.3.3, < 2.1)
    slim-rails (3.0.1)
      actionmailer (>= 3.1, < 5.0)
      actionpack (>= 3.1, < 5.0)
      activesupport (>= 3.1, < 5.0)
      railties (>= 3.1, < 5.0)
      slim (~> 3.0)
    sneakers (2.4.0)
      bunny (~> 2.6)
      serverengine (~> 1.5.11)
      thor
      thread (~> 0.1.7)
    spring (2.0.2)
      activesupport (>= 4.2)
    sprockets (2.12.5)
      hike (~> 1.2)
      multi_json (~> 1.0)
      rack (~> 1.0)
      tilt (~> 1.1, != 1.3.0)
    sprockets-rails (3.0.0.beta1)
      actionpack (>= 4.0)
      activesupport (>= 4.0)
      sprockets (~> 2.8)
    sprockets_uglifier_with_source_maps (1.1.0)
      sprockets-rails (>= 3.0.0.beta1)
      uglifier (>= 2.5)
    sshkit (1.7.1)
      colorize (>= 0.7.0)
      net-scp (>= 1.1.2)
      net-ssh (>= 2.8.0)
    stackprof (0.2.9)
    sucker_punch (2.0.2)
      concurrent-ruby (~> 1.0.0)
    systemu (2.6.5)
    teaspoon (0.7.9)
      railties (>= 3.2.5, < 5)
    temple (0.7.6)
    term-ansicolor (1.6.0)
      tins (~> 1.0)
    test_after_commit (1.1.0)
      activerecord (>= 3.2)
    therubyracer (0.12.2)
      libv8 (~> 3.16.14.0)
      ref
    thin (1.7.2)
      daemons (~> 1.0, >= 1.0.9)
      eventmachine (~> 1.0, >= 1.0.4)
      rack (>= 1, < 3)
    thor (0.20.0)
    thread (0.1.7)
    thread_safe (0.3.6)
    tilt (1.4.1)
    time_diff (0.3.0)
      activesupport
      i18n
    timecop (0.7.4)
    timers (4.1.2)
      hitimes
    tins (1.15.1)
    trollop (2.1.2)
    truncate_html (0.9.3)
    turnout (2.4.0)
      i18n (~> 0.7)
      rack (>= 1.3, < 3)
      rack-accept (~> 0.4)
      tilt (>= 1.4, < 3)
    tzinfo (1.2.5)
      thread_safe (~> 0.1)
    uglifier (4.1.17)
      execjs (>= 0.3.0, < 3)
    unf (0.1.4)
      unf_ext
    unf_ext (0.0.7.5)
    unicode-display_width (1.2.1)
    uniform_notifier (1.11.0)
    uuid (2.3.8)
      macaddr (~> 1.0)
    validates_email_format_of (1.6.0)
      i18n
    virtus (1.0.5)
      axiom-types (~> 0.1)
      coercible (~> 1.0)
      descendants_tracker (~> 0.0, >= 0.0.3)
      equalizer (~> 0.0, >= 0.0.9)
    warden (1.2.3)
      rack (>= 1.0)
    webex_api (0.1.1)
    webmock (1.17.4)
      addressable (>= 2.2.7)
      crack (>= 0.3.2)
    websocket (1.0.7)
    websocket-driver (0.3.3)
    wicked_pdf (1.1.0)
    wkhtmltopdf-binary (0.12.4)
    writeexcel (1.0.5)
    xml-simple (1.1.5)
    xpath (2.0.0)
      nokogiri (~> 1.3)
    yajl-ruby (1.3.1)
    zonefile (1.04)

PLATFORMS
  ruby

DEPENDENCIES
  aasm
  activerecord-import
  acts_as_list
  addressable
  after_party!
  angular-rails-templates
  angularjs-rails
  annotate
  apipie-rails
  ar-octopus
  aws-sdk (~> 2)
  aws-sdk-v1 (= 1.64.0)
  batch_api!
  braintree
  brakeman
  browser
  browserify-rails (~> 1.1.0)
  bugsnag
  bulk_insert
  bullet
  byebug
  capybara
  capybara-angular
  cityhash
  clockwork
  cloudinary
  codacy-coverage
  compass-rails
  cucumber-rails
  curb
  dalli-elasticache
  database_cleaner
  deep_cloneable (~> 2.3.2)
  delayed_paperclip
  devise
  doorkeeper (~> 4.4.0)
  edcast_shared!
  elasticsearch-model
  elasticsearch-persistence
  elasticsearch-rails
  factory_girl_rails
  faker
  faraday_middleware (~> 0.9.1)
  fastimage
  fb_graph
  flamegraph
  fog-aws (~> 0.7.3)
  font_assets
  foundation-icons-sass-rails
  foundation-rails!
  friendly_id (~> 5.1.0)
  gcloud
  graphiql-rails
  graphql
  haml
  hashdiff
  htmlentities
  icalendar
  identity_cache
  ims-lti
  indefinite_article
  influxdb
  jbuilder (~> 2.0)
  jquery-fileupload-rails
  jquery-rails
  jwt
  koala (~> 1.10.0rc)
  launchy
  linkedin-oauth2
  lograge
  mandrill-api
  memory_profiler
  minitest-line
  minitest-test_profile
  mocha
  mongo
  multi_json
  mysql2
  net-http-persistent
  newrelic_rpm
  nokogiri
  oj
  oj_mimic_json
  okcomputer
  omniauth
  omniauth-facebook
  omniauth-facebook-access-token!
  omniauth-google-oauth2
  omniauth-linkedin-access-token!
  omniauth-linkedin-oauth2
  omniauth-microsoft-office365
  omniauth-salesforce!
  omniauth-salesforcedevelopers!
  omniauth-salesforcepartners!
  omniauth-salesforceusers!
  omniauth-saml
  omniauth-twitter
  open_uri_redirections
  paper_trail
  paperclip
  parallel_tests
  paranoia!
  paypal-sdk-rest
  poltergeist
  pubnub
  puma
  quiet_assets
  rack-cors
  rack-mini-profiler
  rails (= 4.2.7)
  rails-erd
  rails_12factor
  rbtrace
  react-rails (~> 1.5.0)
  recursive-open-struct
  redcarpet
  request_store
  rest-client
  retriable
  rmagick
  rubocop
  rubyzip
  sanitize
  sass-rails
  scorm_cloud
  sdoc
  searchkick (= 2.0.0)
  selenium-webdriver
  settingslogic
  shortener
  shoulda
  sidekiq
  sidekiq-failures
  simple_form
  simplecov
  slim-rails (>= 2.1.5)
  spring
  sprockets_uglifier_with_source_maps
  sshkit
  stackprof
  teaspoon (~> 0.7.9)
  test_after_commit
  therubyracer (= 0.12.2)
  thin
  time_diff
  timecop
  truncate_html
  turnout
  uglifier (>= 1.3.0)
  validates_email_format_of
  webex_api
  webmock
  wicked_pdf
  wkhtmltopdf-binary
  writeexcel
  yajl-ruby

RUBY VERSION
   ruby 2.3.1p112

BUNDLED WITH
   1.16.2
